PATH
  remote: ../../..
  specs:
    ruby_wasm (2.5.0)

PATH
  remote: ../../gems/js
  specs:
    js (2.5.0)

GEM
  remote: https://rubygems.org/
  specs:
    power_assert (2.0.3)
    test-unit (3.6.2)
      power_assert

PLATFORMS
  ruby
  x86_64-linux

DEPENDENCIES
  js!
  power_assert
  ruby_wasm!
  test-unit

BUNDLED WITH
   2.5.3
