PATH
  remote: ../../..
  specs:
    ruby_wasm (2.7.2)
      logger

GEM
  remote: https://rubygems.org/
  specs:
    js (2.7.2)
    logger (1.7.0)
    power_assert (2.0.3)
    test-unit (3.6.2)
      power_assert

PLATFORMS
  ruby
  x86_64-linux

DEPENDENCIES
  js (= 2.7.2)
  power_assert
  ruby_wasm!
  test-unit

BUNDLED WITH
   2.6.4
